GEM
  remote: https://rubygems.org/
  specs:
    rack (1.5.2)
    rake (10.1.0)
    rouge (1.7.2)

PLATFORMS
  ruby

DEPENDENCIES
  rack
  rake
  rouge
